GEM
  remote: http://rubygems.org/
  specs:
    ffi (1.9.14)
    paint (2.0.0)
    rubyserial (0.4.0)
      ffi (~> 1.9, >= 1.9.3)
    thor (0.19.4)

PLATFORMS
  ruby

DEPENDENCIES
  paint
  rubyserial
  thor

BUNDLED WITH
   1.13.6
